PATH
  remote: .
  specs:
    shore-pdf_tool (0.1.0)
      activesupport (>= 3)
      pdf-forms (~> 1.0)

GEM
  remote: https://rubygems.org/
  specs:
    activesupport (5.1.4)
      concurrent-ruby (~> 1.0, >= 1.0.2)
      i18n (~> 0.7)
      minitest (~> 5.1)
      tzinfo (~> 1.1)
    ast (2.2.0)
    astrolabe (1.3.1)
      parser (~> 2.2)
    byebug (8.2.2)
    childprocess (0.5.9)
      ffi (~> 1.0, >= 1.0.11)
    cliver (0.3.2)
    codeclimate-test-reporter (0.5.0)
      simplecov (>= 0.7.1, < 1.0.0)
    coderay (1.1.1)
    concurrent-ruby (1.0.5)
    diff-lcs (1.2.5)
    docile (1.1.5)
    ffi (1.9.10)
    i18n (0.9.1)
      concurrent-ruby (~> 1.0)
    iniparse (1.4.2)
    json (1.8.3)
    method_source (0.8.2)
    minitest (5.10.3)
    overcommit (0.33.0)
      childprocess (~> 0.5.8)
      iniparse (~> 1.4)
    parser (2.3.0.7)
      ast (~> 2.2)
    pdf-forms (1.1.1)
      cliver (~> 0.3.2)
      safe_shell (>= 1.0.3, < 2.0)
    powerpack (0.1.1)
    pry (0.10.3)
      coderay (~> 1.1.0)
      method_source (~> 0.8.1)
      slop (~> 3.4)
    pry-byebug (3.3.0)
      byebug (~> 8.0)
      pry (~> 0.10)
    rainbow (2.1.0)
    rake (10.5.0)
    rspec (3.4.0)
      rspec-core (~> 3.4.0)
      rspec-expectations (~> 3.4.0)
      rspec-mocks (~> 3.4.0)
    rspec-core (3.4.4)
      rspec-support (~> 3.4.0)
    rspec-expectations (3.4.0)
      diff-lcs (>= 1.2.0, < 2.0)
      rspec-support (~> 3.4.0)
    rspec-mocks (3.4.1)
      diff-lcs (>= 1.2.0, < 2.0)
      rspec-support (~> 3.4.0)
    rspec-support (3.4.1)
    rubocop (0.35.1)
      astrolabe (~> 1.3)
      parser (>= 2.2.3.0, < 3.0)
      powerpack (~> 0.1)
      rainbow (>= 1.99.1, < 3.0)
      ruby-progressbar (~> 1.7)
      tins (<= 1.6.0)
    ruby-progressbar (1.7.5)
    safe_shell (1.1.0)
    simplecov (0.11.2)
      docile (~> 1.1.0)
      json (~> 1.8)
      simplecov-html (~> 0.10.0)
    simplecov-html (0.10.0)
    slop (3.6.0)
    thread_safe (0.3.6)
    tins (1.6.0)
    tzinfo (1.2.4)
      thread_safe (~> 0.1)

PLATFORMS
  ruby

DEPENDENCIES
  bundler (~> 1.10)
  codeclimate-test-reporter
  overcommit (~> 0.33.0)
  pry-byebug (~> 3.3.0)
  rake (~> 10.0)
  rspec
  rubocop (~> 0.35.1)
  shore-pdf_tool!
  simplecov (~> 0.11.1)

BUNDLED WITH
   1.13.2
